GEM
  remote: http://gems.otbeach.com/
  specs:
    dotenv (1.0.2)
    foreman (0.77.0)
      dotenv (~> 1.0.2)
      thor (~> 0.19.1)
    multi_json (1.12.1)
    newrelic_rpm (3.5.6.55)
    puma (3.6.2)
    rack (2.0.1)
    racklet (1.2.0)
      multi_json
      rack
      thor
    thor (0.19.1)

PLATFORMS
  ruby

DEPENDENCIES
  foreman
  newrelic_rpm (= 3.5.6.55)
  puma
  racklet (~> 1.2)

BUNDLED WITH
   1.13.1
